GEM
  remote: http://rubygems.org/
  specs:
    callsite (0.0.11)
    coffee-script (2.2.0)
      coffee-script-source
      execjs
    coffee-script-source (1.3.3)
    daemons (1.1.9)
    eventmachine (1.0.0)
    execjs (1.4.0)
      multi_json (~> 1.0)
    haml (3.1.7)
    multi_json (1.3.6)
    rack (1.3.6)
    rake (0.9.2.2)
    redcarpet (2.2.1)
    renee (0.3.11)
      renee-core (= 0.3.11)
      renee-render (= 0.3.11)
    renee-core (0.3.11)
      rack (~> 1.3.0)
    renee-render (0.3.11)
      callsite (~> 0.0.6)
      rack (~> 1.3.0)
      renee-core (= 0.3.11)
      tilt (~> 1.3.3)
    sass (3.1.20)
    thin (1.4.1)
      daemons (>= 1.0.9)
      eventmachine (>= 0.12.6)
      rack (>= 1.0.0)
    tilt (1.3.3)
    uglifier (1.3.0)
      execjs (>= 0.3.0)
      multi_json (~> 1.0, >= 1.0.2)

PLATFORMS
  ruby

DEPENDENCIES
  coffee-script
  haml
  rack
  rake
  redcarpet
  renee
  sass
  thin
  uglifier
